GIT
  remote: https://github.com/wallarm/ruby-thread.git
  revision: 7e91ca49299697d6f22376168603689d3a0fc5b0
  specs:
    thread (0.2.0)

GEM
  remote: https://rubygems.org/
  specs:
    addressable (2.3.6)
    celluloid (0.15.2)
      timers (~> 1.1.0)
    coderay (1.1.0)
    crack (0.4.2)
      safe_yaml (~> 1.0.0)
    ffi (1.9.3)
    formatador (0.2.4)
    guard (2.2.4)
      formatador (>= 0.2.4)
      listen (~> 2.1)
      lumberjack (~> 1.0)
      pry (>= 0.9.12)
      thor (>= 0.18.1)
    guard-minitest (2.3.0)
      guard (~> 2.0)
      minitest (>= 3.0)
    json (1.8.1)
    listen (2.2.0)
      celluloid (>= 0.15.2)
      rb-fsevent (>= 0.9.3)
      rb-inotify (>= 0.9)
    lumberjack (1.0.4)
    method_source (0.8.2)
    minitest (5.3.4)
    pry (0.9.12.6)
      coderay (~> 1.0)
      method_source (~> 0.8)
      slop (~> 3.4)
    rb-fsevent (0.9.3)
    rb-inotify (0.9.2)
      ffi (>= 0.5.0)
    ruby-progressbar (1.5.1)
    rubytree (0.9.3)
      json (~> 1.8)
      structured_warnings (~> 0.1)
    safe_yaml (1.0.3)
    slop (3.5.0)
    structured_warnings (0.1.4)
    terminal-notifier-guard (1.5.3)
    thor (0.18.1)
    timers (1.1.0)
    vcr (2.9.2)
    webmock (1.18.0)
      addressable (>= 2.3.6)
      crack (>= 0.3.2)

PLATFORMS
  ruby

DEPENDENCIES
  guard
  guard-minitest
  minitest
  ruby-progressbar
  rubytree
  terminal-notifier-guard
  thread!
  vcr
  webmock
